PATH
  remote: .
  specs:
    andy_rails_toolbox (1.0.1)
      pygments.rb
      redcarpet

GEM
  remote: https://rubygems.org/
  specs:
    posix-spawn (0.3.9)
    pygments.rb (0.6.0)
      posix-spawn (~> 0.3.6)
      yajl-ruby (~> 1.1.0)
    redcarpet (3.2.2)
    yajl-ruby (1.1.0)

PLATFORMS
  ruby

DEPENDENCIES
  andy_rails_toolbox!
